PATH
  remote: .
  specs:
    bomdb (0.8.0)
      colorize (~> 0.7)
      constellation (~> 0.1)
      levenshtein-ffi (~> 1.1)
      mericope (~> 0.2.0)
      sequel (~> 4.21)
      sqlite3 (~> 1.3)
      text_clean (~> 0)
      thor (~> 0.19)

GEM
  remote: https://rubygems.org/
  specs:
    activesupport (4.2.6)
      i18n (~> 0.7)
      json (~> 1.7, >= 1.7.7)
      minitest (~> 5.1)
      thread_safe (~> 0.3, >= 0.3.4)
      tzinfo (~> 1.1)
    byebug (4.0.5)
      columnize (= 0.9.0)
    colorize (0.7.7)
    columnize (0.9.0)
    constellation (0.1.1)
      multi_json
    diff-lcs (1.2.5)
    ffi (1.9.10)
    i18n (0.7.0)
    json (1.8.3)
    levenshtein-ffi (1.1.0)
      ffi (~> 1.9)
    mericope (0.2.0)
      activesupport (~> 4.0)
    minitest (5.9.0)
    multi_json (1.12.1)
    rake (10.4.2)
    rspec (3.2.0)
      rspec-core (~> 3.2.0)
      rspec-expectations (~> 3.2.0)
      rspec-mocks (~> 3.2.0)
    rspec-core (3.2.3)
      rspec-support (~> 3.2.0)
    rspec-expectations (3.2.1)
      diff-lcs (>= 1.2.0, < 2.0)
      rspec-support (~> 3.2.0)
    rspec-mocks (3.2.1)
      diff-lcs (>= 1.2.0, < 2.0)
      rspec-support (~> 3.2.0)
    rspec-support (3.2.2)
    sequel (4.35.0)
    sqlite3 (1.3.11)
    text_clean (0.2.2)
    thor (0.19.1)
    thread_safe (0.3.5)
    tzinfo (1.2.2)
      thread_safe (~> 0.1)

PLATFORMS
  ruby

DEPENDENCIES
  bomdb!
  byebug (~> 4.0)
  rake (~> 10.0)
  rspec (~> 3.2)

BUNDLED WITH
   1.12.5
