PATH
  remote: .
  specs:
    bomdb (0.2.0)
      colorize (~> 0.7)
      constellation (~> 0.1)
      sequel (~> 4.21)
      sqlite3 (~> 1.3)
      thor (~> 0.19)

GEM
  remote: https://rubygems.org/
  specs:
    byebug (4.0.5)
      columnize (= 0.9.0)
    colorize (0.7.5)
    columnize (0.9.0)
    constellation (0.1.1)
      multi_json
    diff-lcs (1.2.5)
    multi_json (1.11.0)
    rake (10.4.2)
    rspec (3.2.0)
      rspec-core (~> 3.2.0)
      rspec-expectations (~> 3.2.0)
      rspec-mocks (~> 3.2.0)
    rspec-core (3.2.2)
      rspec-support (~> 3.2.0)
    rspec-expectations (3.2.0)
      diff-lcs (>= 1.2.0, < 2.0)
      rspec-support (~> 3.2.0)
    rspec-mocks (3.2.1)
      diff-lcs (>= 1.2.0, < 2.0)
      rspec-support (~> 3.2.0)
    rspec-support (3.2.2)
    sequel (4.21.0)
    sqlite3 (1.3.10)
    thor (0.19.1)

PLATFORMS
  ruby

DEPENDENCIES
  bomdb!
  byebug (~> 4.0)
  rake (~> 10.0)
  rspec (~> 3.2)
